GIT
  remote: git://github.com/oleander/secure_faye.git
  revision: 35641d6c7f267c2fa719e76f651141f70925354b
  specs:
    secure_faye (0.0.2)
      acts_as_chain
      faye
      jsonify
      rest-client

GEM
  remote: http://rubygems.org/
  specs:
    activesupport (3.2.0)
      i18n (~> 0.6)
      multi_json (~> 1.0)
    acts_as_chain (1.1.0)
    addressable (2.2.6)
    beanstalk-client (1.1.1)
    capistrano (2.9.0)
      highline
      net-scp (>= 1.0.0)
      net-sftp (>= 2.0.0)
      net-ssh (>= 2.0.14)
      net-ssh-gateway (>= 1.1.0)
    cookiejar (0.3.0)
    crack (0.3.1)
    daemons (1.1.6)
    diff-lcs (1.1.3)
    em-hiredis (0.1.0)
      hiredis (~> 0.3.0)
    em-http-request (0.3.0)
      addressable (>= 2.0.0)
      escape_utils
      eventmachine (>= 0.12.9)
    escape_utils (0.2.4)
    eventmachine (0.12.10)
    faye (0.7.1)
      cookiejar (>= 0.3.0)
      em-hiredis (>= 0.0.1)
      em-http-request (~> 0.3)
      eventmachine (~> 0.12.0)
      json (>= 1.0)
      rack (>= 1.0)
      thin (~> 1.2)
    foreman (0.32.0)
      term-ansicolor (~> 1.0.5)
      thor (>= 0.13.6)
    haml (3.1.4)
    highline (1.6.9)
    hiredis (0.3.2)
    i18n (0.6.0)
    json (1.6.5)
    json_pure (1.6.4)
    jsonify (0.2.0)
    macaddr (1.5.0)
      systemu (>= 2.4.0)
    mime-types (1.17.2)
    multi_json (1.0.4)
    net-scp (1.0.4)
      net-ssh (>= 1.99.1)
    net-sftp (2.0.5)
      net-ssh (>= 2.0.9)
    net-ssh (2.3.0)
    net-ssh-gateway (1.1.0)
      net-ssh (>= 1.99.1)
    nokogiri (1.5.0)
    rack (1.4.0)
    rack-protection (1.2.0)
      rack
    rest-client (1.6.7)
      mime-types (>= 1.16)
    rspec (2.7.0)
      rspec-core (~> 2.7.0)
      rspec-expectations (~> 2.7.0)
      rspec-mocks (~> 2.7.0)
    rspec-core (2.7.1)
    rspec-expectations (2.7.0)
      diff-lcs (~> 1.1.2)
    rspec-mocks (2.7.0)
    shotgun (0.9)
      rack (>= 1.0)
    sinatra (1.3.2)
      rack (~> 1.3, >= 1.3.6)
      rack-protection (~> 1.2)
      tilt (~> 1.3, >= 1.3.3)
    stalker (0.9.0)
      beanstalk-client
      json_pure
    systemu (2.4.2)
    term-ansicolor (1.0.7)
    thin (1.3.1)
      daemons (>= 1.0.9)
      eventmachine (>= 0.12.6)
      rack (>= 1.0.0)
    thor (0.14.6)
    tilt (1.3.3)
    uuid (2.3.4)
      macaddr (~> 1.0)
    vcr (1.11.3)
    webmock (1.7.10)
      addressable (~> 2.2, > 2.2.5)
      crack (>= 0.1.7)

PLATFORMS
  ruby

DEPENDENCIES
  activesupport
  acts_as_chain
  capistrano
  foreman
  haml
  jsonify
  nokogiri
  rest-client
  rspec
  secure_faye!
  shotgun
  sinatra
  stalker
  uuid
  vcr
  webmock
